NUGET
  remote: https://www.nuget.org/api/v2
  specs:
    FSharp.Compiler.Service (2.0.0.6)
    FSharp.Core (4.0.0.1)
    Suave (1.1.1)
      FSharp.Core (>= 3.1.2.5)
GITHUB
  remote: matthid/Yaaf.FSharp.Scripting
  specs:
    src/source/Yaaf.FSharp.Scripting/YaafFSharpScripting.fs (48789eeb63382a6934966472e270e87880cb49ed)